GEM
  remote: https://rubygems.org/
  specs:
    rack (2.0.1)
    rack-cors (0.4.0)

PLATFORMS
  ruby

DEPENDENCIES
  rack
  rack-cors

BUNDLED WITH
   1.13.6
